GEM
  remote: https://rubygems.org/
  specs:
    Ascii85 (1.0.3)
    afm (0.2.2)
    faraday (1.1.0)
      multipart-post (>= 1.2, < 3)
      ruby2_keywords
    hashery (2.1.2)
    mini_portile2 (2.4.0)
    multipart-post (2.1.1)
    nbayes (0.1.3)
    nokogiri (1.10.10)
      mini_portile2 (~> 2.4.0)
    pdf-reader (2.4.1)
      Ascii85 (~> 1.0.0)
      afm (~> 0.2.1)
      hashery (~> 2.0)
      ruby-rc4
      ttfunk
    ruby-rc4 (0.1.5)
    ruby2_keywords (0.0.2)
    ttfunk (1.6.2.1)

PLATFORMS
  ruby

DEPENDENCIES
  faraday
  nbayes
  nokogiri
  pdf-reader

BUNDLED WITH
   2.1.4
